GEM
  remote: https://rubygems.org/
  specs:
    color-generator (0.0.2)
    mini_portile2 (2.1.0)
    nokogiri (1.7.1)
      mini_portile2 (~> 2.1.0)
    rake (0.9.2.2)
    ruby-progressbar (1.0.1)

PLATFORMS
  ruby

DEPENDENCIES
  color-generator
  nokogiri
  rake
  ruby-progressbar

BUNDLED WITH
   1.11.2
