GEM
  remote: https://rubygems.org/
  specs:
    color-generator (0.0.2)
    mini_portile (0.6.2)
    nokogiri (1.6.6.4)
      mini_portile (~> 0.6.0)
    rake (0.9.2.2)
    ruby-progressbar (1.0.1)

PLATFORMS
  ruby

DEPENDENCIES
  color-generator
  nokogiri
  rake
  ruby-progressbar

BUNDLED WITH
   1.10.6
