GEM
  remote: https://rubygems.org/
  specs:
    color-generator (0.0.2)
    nokogiri (1.5.5)
    rake (0.9.2.2)
    ruby-progressbar (1.0.1)

PLATFORMS
  ruby

DEPENDENCIES
  color-generator
  nokogiri
  rake
  ruby-progressbar
