GEM
  remote: https://rubygems.org/
  specs:
    color-generator (0.0.4)
    mini_portile2 (2.3.0)
    nokogiri (1.8.2)
      mini_portile2 (~> 2.3.0)
    rake (12.3.1)
    ruby-progressbar (1.9.0)

PLATFORMS
  ruby

DEPENDENCIES
  color-generator
  nokogiri
  rake
  ruby-progressbar

BUNDLED WITH
   1.16.2
